PATH
  remote: .
  specs:
    testbot (0.6.9)
      acts_as_rails3_generator
      daemons (>= 1.0.10)
      httparty (>= 0.6.1)
      json_pure (>= 1.4.6)
      net-ssh (>= 2.0.23)
      posix-spawn (>= 0.3.6)
      sinatra (>= 1.0.0)

GEM
  remote: http://rubygems.org/
  specs:
    acts_as_rails3_generator (0.0.1)
    daemons (1.1.9)
    flexmock (0.8.11)
    guard (0.4.2)
      thor (~> 0.14.6)
    guard-test (0.3.0)
      guard (>= 0.2.2)
      test-unit (~> 2.2)
    httparty (0.8.3)
      multi_json (~> 1.0)
      multi_xml
    json_pure (1.7.5)
    multi_json (1.3.6)
    multi_xml (0.5.1)
    net-ssh (2.5.2)
    posix-spawn (0.3.6)
    rack (1.2.1)
    rack-test (0.5.6)
      rack (>= 1.0)
    rake (0.8.7)
    rvm (1.1.0)
    shoulda (2.11.3)
    sinatra (1.2.8)
      rack (~> 1.1)
      tilt (>= 1.2.2, < 2.0)
    test-unit (2.3.0)
    thor (0.14.6)
    tilt (1.3.3)

PLATFORMS
  ruby

DEPENDENCIES
  bundler
  flexmock
  guard
  guard-test
  rack-test
  rake (= 0.8.7)
  rvm
  shoulda
  testbot!
