PATH
  remote: .
  specs:
    testbot (0.7.8)
      acts_as_rails3_generator
      daemons (>= 1.0.10)
      httparty (>= 0.6.1)
      json_pure (>= 1.4.6)
      net-ssh (>= 2.0.23)
      posix-spawn (>= 0.3.6)
      sinatra (~> 1.0)

GEM
  remote: http://rubygems.org/
  specs:
    activesupport (4.0.2)
      i18n (~> 0.6, >= 0.6.4)
      minitest (~> 4.2)
      multi_json (~> 1.3)
      thread_safe (~> 0.1)
      tzinfo (~> 0.3.37)
    acts_as_rails3_generator (0.0.1)
    atomic (1.1.14)
    celluloid (0.15.2)
      timers (~> 1.1.0)
    celluloid-io (0.15.0)
      celluloid (>= 0.15.0)
      nio4r (>= 0.5.0)
    coderay (1.1.0)
    daemons (1.3.1)
    ffi (1.11.1)
    flexmock (1.3.3)
    formatador (0.2.4)
    guard (2.4.0)
      formatador (>= 0.2.4)
      listen (~> 2.1)
      lumberjack (~> 1.0)
      pry (>= 0.9.12)
      thor (>= 0.18.1)
    guard-test (2.0.4)
      guard (~> 2.0)
      test-unit (~> 2.2)
    httparty (0.17.1)
      mime-types (~> 3.0)
      multi_xml (>= 0.5.2)
    i18n (0.6.9)
    json_pure (2.2.0)
    listen (2.5.0)
      celluloid (>= 0.15.2)
      celluloid-io (>= 0.15.0)
      rb-fsevent (>= 0.9.3)
      rb-inotify (>= 0.9)
    lumberjack (1.0.4)
    method_source (0.8.2)
    mime-types (3.3)
      mime-types-data (~> 3.2015)
    mime-types-data (3.2019.1009)
    minitest (4.7.5)
    multi_json (1.8.4)
    multi_xml (0.6.0)
    net-ssh (5.2.0)
    nio4r (1.0.0)
    posix-spawn (0.3.13)
    pry (0.9.12.6)
      coderay (~> 1.0)
      method_source (~> 0.8)
      slop (~> 3.4)
    rack (1.5.2)
    rack-protection (1.5.5)
      rack
    rack-test (0.6.2)
      rack (>= 1.0)
    rake (0.8.7)
    rb-fsevent (0.9.4)
    rb-inotify (0.9.3)
      ffi (>= 0.5.0)
    rvm (1.11.3.9)
    shoulda (3.5.0)
      shoulda-context (~> 1.0, >= 1.0.1)
      shoulda-matchers (>= 1.4.1, < 3.0)
    shoulda-context (1.1.6)
    shoulda-matchers (2.5.0)
      activesupport (>= 3.0.0)
    sinatra (1.4.8)
      rack (~> 1.5)
      rack-protection (~> 1.4)
      tilt (>= 1.3, < 3)
    slop (3.4.7)
    test-unit (2.5.5)
    thor (0.18.1)
    thread_safe (0.1.3)
      atomic
    tilt (2.0.10)
    timers (1.1.0)
    tzinfo (0.3.38)

PLATFORMS
  ruby

DEPENDENCIES
  bundler
  flexmock
  guard
  guard-test
  rack-test
  rake (= 0.8.7)
  rvm
  shoulda
  testbot!
