PATH
  remote: .
  specs:
    testbot (0.6.0)
      acts_as_rails3_generator
      daemons (>= 1.0.10)
      httparty (>= 0.6.1)
      json_pure (>= 1.4.6)
      macaddr (>= 1.0.0)
      net-ssh (>= 2.0.23)
      sinatra (= 1.0.0)

GEM
  remote: http://rubygems.org/
  specs:
    acts_as_rails3_generator (0.0.1)
    builder (2.1.2)
    cucumber (0.9.4)
      builder (~> 2.1.2)
      diff-lcs (~> 1.1.2)
      gherkin (~> 2.2.9)
      json (~> 1.4.6)
      term-ansicolor (~> 1.0.5)
    daemons (1.1.4)
    diff-lcs (1.1.2)
    flexmock (0.8.11)
    gherkin (2.2.9)
      json (~> 1.4.6)
      term-ansicolor (~> 1.0.5)
    guard (0.4.2)
      thor (~> 0.14.6)
    guard-test (0.3.0)
      guard (>= 0.2.2)
      test-unit (~> 2.2)
    httparty (0.8.1)
      multi_json
      multi_xml
    json (1.4.6)
    json_pure (1.6.1)
    macaddr (1.4.0)
      systemu (~> 2.2.0)
    multi_json (1.0.3)
    multi_xml (0.4.1)
    net-ssh (2.2.1)
    rack (1.2.1)
    rack-test (0.5.6)
      rack (>= 1.0)
    rake (0.8.7)
    rvm (1.1.0)
    shoulda (2.11.3)
    sinatra (1.0)
      rack (>= 1.0)
    systemu (2.2.0)
    term-ansicolor (1.0.5)
    test-unit (2.3.0)
    thor (0.14.6)

PLATFORMS
  ruby

DEPENDENCIES
  bundler
  cucumber
  flexmock
  guard
  guard-test
  rack-test
  rake (= 0.8.7)
  rvm
  shoulda
  testbot!
